PATH
  remote: ~/Projekte/middleman
  specs:
    middleman (1.2.0)
      chunky_png (~> 1.1.0)
      coffee-script (~> 2.1.0)
      compass (>= 0.11.1)
      haml (~> 3.1.0)
      less (~> 1.2.0)
      oily_png (~> 1.0)
      padrino-core (~> 0.9.23)
      padrino-helpers (~> 0.9.23)
      rack (~> 1.0)
      rack-test (~> 0.5.0)
      sass (~> 3.1.0)
      shotgun (~> 0.8.0)
      sinatra (~> 1.2.0)
      thin (~> 1.2.0)
      thor (~> 0.14.0)
      tilt (~> 1.2.0)
      yui-compressor (~> 0.9.0)

PATH
  remote: ~/Projekte/minisyntax
  specs:
    minisyntax (0.1.0)
      nokogiri (~> 1.4.4)

GEM
  remote: http://rubygems.org/
  specs:
    POpen4 (0.1.4)
      Platform (>= 0.4.0)
      open4
    Platform (0.4.0)
    activesupport (3.0.7)
    chunky_png (1.1.2)
    closure-compiler (1.1.1)
    coffee-script (2.1.3)
      coffee-script-source
    coffee-script-source (1.1.1)
    compass (0.11.1)
      chunky_png (~> 1.1)
      fssm (>= 0.2.7)
      sass (~> 3.1)
    daemons (1.1.3)
    eventmachine (0.12.10)
    fssm (0.2.7)
    haml (3.1.1)
    html5-boilerplate (0.2.6)
      compass (>= 0.10.0)
    http_router (0.5.4)
      rack (>= 1.0.0)
      url_mount (~> 0.2.1)
    i18n (0.6.0)
    jammit (0.5.4)
      closure-compiler (>= 0.1.0)
      yui-compressor (>= 0.9.1)
    less (1.2.21)
      mutter (>= 0.4.2)
      treetop (>= 1.4.2)
    maruku (0.6.0)
      syntax (>= 1.0.0)
    mutter (0.5.3)
    nokogiri (1.4.4)
    oily_png (1.0.1)
      chunky_png (~> 1)
    open4 (1.0.1)
    padrino-core (0.9.24)
      activesupport (>= 3.0.0)
      http_router (~> 0.5.4)
      sinatra (~> 1.2.0)
      thor (>= 0.14.3)
      tzinfo
    padrino-helpers (0.9.24)
      i18n (>= 0.4.1)
      padrino-core (= 0.9.24)
    polyglot (0.3.1)
    rack (1.3.0)
    rack-test (0.5.7)
      rack (>= 1.0)
    rdiscount (1.6.5)
    redgreengrid (0.3.2)
    sass (3.1.1)
    shotgun (0.8)
      rack (>= 1.0)
    sinatra (1.2.6)
      rack (~> 1.1)
      tilt (>= 1.2.2, < 2.0)
    syntax (1.0.0)
    thin (1.2.11)
      daemons (>= 1.0.9)
      eventmachine (>= 0.12.6)
      rack (>= 1.0.0)
    thor (0.14.6)
    tilt (1.2.2)
    treetop (1.4.9)
      polyglot (>= 0.3.1)
    tzinfo (0.3.27)
    url_mount (0.2.1)
      rack
    yui-compressor (0.9.6)
      POpen4 (>= 0.1.4)

PLATFORMS
  ruby

DEPENDENCIES
  html5-boilerplate (~> 0.2.6)
  jammit (= 0.5.4)
  maruku (= 0.6.0)
  middleman!
  minisyntax!
  rdiscount (= 1.6.5)
  redgreengrid (~> 0.3.2)
  sinatra (~> 1.2.0.a)
