PATH
  remote: ../minisyntax
  specs:
    minisyntax (0.1.0)
      nokogiri (~> 1.4.4)

GEM
  remote: http://rubygems.org/
  specs:
    POpen4 (0.1.4)
      Platform (>= 0.4.0)
      open4
    Platform (0.4.0)
    activesupport (3.2.6)
      i18n (~> 0.6)
      multi_json (~> 1.0)
    addressable (2.2.8)
    chunky_png (1.1.2)
    closure-compiler (1.1.1)
    coffee-script (2.2.0)
      coffee-script-source
      execjs
    coffee-script-source (1.3.3)
    compass (0.11.1)
      chunky_png (~> 1.1)
      fssm (>= 0.2.7)
      sass (~> 3.1)
    daemons (1.1.8)
    em-websocket (0.3.6)
      addressable (>= 2.1.1)
      eventmachine (>= 0.12.9)
    eventmachine (0.12.10)
    execjs (1.2.13)
      multi_json (~> 1.0)
    ffi (1.0.11)
    fssm (0.2.7)
    guard (1.1.1)
      listen (>= 0.4.2)
      thor (>= 0.14.6)
    guard-livereload (1.0.0)
      em-websocket (>= 0.2.0)
      guard (>= 1.1.0)
      multi_json (~> 1.0)
    haml (3.1.6)
    hike (1.2.1)
    html5-boilerplate (0.2.6)
      compass (>= 0.10.0)
    http_router (0.10.2)
      rack (>= 1.0.0)
      url_mount (~> 0.2.1)
    i18n (0.6.0)
    jammit (0.5.4)
      closure-compiler (>= 0.1.0)
      yui-compressor (>= 0.9.1)
    listen (0.4.7)
      rb-fchange (~> 0.0.5)
      rb-fsevent (~> 0.9.1)
      rb-inotify (~> 0.8.8)
    maruku (0.6.0)
      syntax (>= 1.0.0)
    middleman (2.0.16)
      coffee-script (~> 2.2.0)
      compass (~> 0.11)
      execjs (~> 1.2.7)
      guard (~> 1.1.0)
      haml (~> 3.1.0)
      maruku (~> 0.6.0)
      middleman-livereload (~> 0.2.2)
      padrino-core (= 0.10.6)
      padrino-helpers (= 0.10.6)
      rack (~> 1.3.5)
      rack-test (~> 0.6.1)
      sass (>= 3.1.7)
      sinatra (~> 1.3.1)
      slim (~> 1.0.2)
      sprockets (~> 2.0.3)
      thin (~> 1.2.11)
      thor (~> 0.14.0)
      tilt (~> 1.3.1)
      uglifier (~> 1.2)
    middleman-livereload (0.2.2)
      guard-livereload (~> 1.0)
    multi_json (1.3.6)
    nokogiri (1.4.7)
    open4 (1.0.1)
    padrino-core (0.10.6)
      activesupport (~> 3.2.0)
      http_router (~> 0.10.2)
      sinatra (~> 1.3.1)
      thor (~> 0.14.3)
      tilt (~> 1.3.0)
    padrino-helpers (0.10.6)
      i18n (~> 0.6)
      padrino-core (= 0.10.6)
    rack (1.3.6)
    rack-protection (1.2.0)
      rack
    rack-test (0.6.1)
      rack (>= 1.0)
    rb-fchange (0.0.5)
      ffi
    rb-fsevent (0.9.1)
    rb-inotify (0.8.8)
      ffi (>= 0.5.0)
    rdiscount (1.6.5)
    redgreengrid (0.3.2)
    sass (3.1.20)
    sinatra (1.3.2)
      rack (~> 1.3, >= 1.3.6)
      rack-protection (~> 1.2)
      tilt (~> 1.3, >= 1.3.3)
    slim (1.0.4)
      temple (~> 0.3.4)
      tilt (~> 1.3.2)
    sprockets (2.0.4)
      hike (~> 1.2)
      rack (~> 1.0)
      tilt (~> 1.1, != 1.3.0)
    syntax (1.0.0)
    temple (0.3.5)
    thin (1.2.11)
      daemons (>= 1.0.9)
      eventmachine (>= 0.12.6)
      rack (>= 1.0.0)
    thor (0.14.6)
    tilt (1.3.3)
    uglifier (1.2.6)
      execjs (>= 0.3.0)
      multi_json (~> 1.3)
    url_mount (0.2.1)
      rack
    yui-compressor (0.9.6)
      POpen4 (>= 0.1.4)

PLATFORMS
  ruby

DEPENDENCIES
  html5-boilerplate (~> 0.2.6)
  jammit (= 0.5.4)
  maruku (= 0.6.0)
  middleman (~> 2.0.16)
  minisyntax!
  rdiscount (= 1.6.5)
  redgreengrid (~> 0.3.2)
